GIT
  remote: git://github.com/alexkravets/journal.git
  revision: e7155719c5c7416933dcdc31295662479b37e10f
  specs:
    journal (0.1.5)
      ants (>= 0.2.0)
      chr (>= 0.4.0)
      mongoid-autoinc (>= 4.0.0)
      mongosteen (>= 0.1.8)

GIT
  remote: git://github.com/alexkravets/rhythm.git
  revision: 87051a279edd7d2783f1c6d65e9886f59f417ae9
  specs:
    rhythm (0.1.2)
      normalize-rails (>= 3.0)

GIT
  remote: git://github.com/alexkravets/tape.git
  revision: c77c82b1890bc0f45e8ffff8a97fd53ccd0baed9
  specs:
    tape (0.1.3)
      ants (>= 0.2.0)
      chr (>= 0.4.0)
      feedjira
      mongosteen (>= 0.1.8)
      nokogiri

GIT
  remote: git://github.com/slate-studio/ants.git
  revision: dd39832354cc9ea46414c26fd3b82bad929b2b04
  specs:
    ants (0.2.5)
      devise
      mongoid (>= 4.0)
      mongoid-slug (>= 4.0.0)

GIT
  remote: git://github.com/slate-studio/chr.git
  revision: 6ae40d7f4758664399aba04302bdea602f71dea5
  specs:
    chr (0.4.13)
      bourbon
      coffee-rails (>= 4.0)
      formagic (>= 0.2.8)
      jquery-rails
      rails (~> 4.2.4)
      sass-rails

GIT
  remote: git://github.com/slate-studio/loft.git
  revision: b825c17b6d109b6f400225baaf75bcfccee7c7b5
  specs:
    loft (0.2.5)
      ants (>= 0.2.0)
      carrierwave-mongoid (>= 0.7.1)
      chr (>= 0.4.0)
      mini_magick (>= 4.1.0)
      mongoid-autoinc (>= 4.0.0)
      mongoid-grid_fs (>= 2.1.0)
      mongoid_search (>= 0.3)
      mongosteen (>= 0.1.8)

GIT
  remote: git://github.com/suweller/mongoid-autoinc.git
  revision: 6d921e2efe01ece545983c27abfd0d76e1d180e5
  specs:
    mongoid-autoinc (5.0.0)
      mongoid (~> 5.0.0.beta)

GEM
  remote: https://rubygems.org/
  specs:
    actionmailer (4.2.4)
      actionpack (= 4.2.4)
      actionview (= 4.2.4)
      activejob (= 4.2.4)
      mail (~> 2.5, >= 2.5.4)
      rails-dom-testing (~> 1.0, >= 1.0.5)
    actionpack (4.2.4)
      actionview (= 4.2.4)
      activesupport (= 4.2.4)
      rack (~> 1.6)
      rack-test (~> 0.6.2)
      rails-dom-testing (~> 1.0, >= 1.0.5)
      rails-html-sanitizer (~> 1.0, >= 1.0.2)
    actionview (4.2.4)
      activesupport (= 4.2.4)
      builder (~> 3.1)
      erubis (~> 2.7.0)
      rails-dom-testing (~> 1.0, >= 1.0.5)
      rails-html-sanitizer (~> 1.0, >= 1.0.2)
    activejob (4.2.4)
      activesupport (= 4.2.4)
      globalid (>= 0.3.0)
    activemodel (4.2.4)
      activesupport (= 4.2.4)
      builder (~> 3.1)
    activerecord (4.2.4)
      activemodel (= 4.2.4)
      activesupport (= 4.2.4)
      arel (~> 6.0)
    activesupport (4.2.4)
      i18n (~> 0.7)
      json (~> 1.7, >= 1.7.7)
      minitest (~> 5.1)
      thread_safe (~> 0.3, >= 0.3.4)
      tzinfo (~> 1.1)
    addressable (2.3.8)
    arel (6.0.3)
    awesome_print (1.6.1)
    bcrypt (3.1.10)
    binding_of_caller (0.7.2)
      debug_inspector (>= 0.0.1)
    bourbon (4.2.6)
      sass (~> 3.4)
      thor (~> 0.19)
    bson (3.2.6)
    bson_ext (1.5.1)
    builder (3.2.2)
    bundler-audit (0.4.0)
      bundler (~> 1.2)
      thor (~> 0.18)
    byebug (6.0.2)
    carrierwave (0.10.0)
      activemodel (>= 3.2.0)
      activesupport (>= 3.2.0)
      json (>= 1.7)
      mime-types (>= 1.16)
    carrierwave-mongoid (0.8.1)
      carrierwave (>= 0.8.0, < 0.11.0)
      mongoid (>= 3.0, < 6.0)
      mongoid-grid_fs (>= 1.3, < 3.0)
    coffee-rails (4.1.0)
      coffee-script (>= 2.2.0)
      railties (>= 4.0.0, < 5.0)
    coffee-script (2.4.1)
      coffee-script-source
      execjs
    coffee-script-source (1.9.1.1)
    debug_inspector (0.0.2)
    devise (3.5.2)
      bcrypt (~> 3.0)
      orm_adapter (~> 0.1)
      railties (>= 3.2.6, < 5)
      responders
      thread_safe (~> 0.1)
      warden (~> 1.2.3)
    dotenv (2.0.2)
    dotenv-rails (2.0.2)
      dotenv (= 2.0.2)
      railties (~> 4.0)
    easy_diff (0.0.6)
    erubis (2.7.0)
    execjs (2.6.0)
    factory_girl (4.5.0)
      activesupport (>= 3.0.0)
    factory_girl_rails (4.5.0)
      factory_girl (~> 4.5.0)
      railties (>= 3.0.0)
    faraday (0.9.2)
      multipart-post (>= 1.2, < 3)
    faraday_middleware (0.10.0)
      faraday (>= 0.7.4, < 0.10)
    fast-stemmer (1.0.2)
    feedjira (2.0.0)
      faraday (~> 0.9)
      faraday_middleware (~> 0.9)
      loofah (~> 2.0)
      sax-machine (~> 1.0)
    figaro (1.1.1)
      thor (~> 0.14)
    font-awesome-rails (4.4.0.0)
      railties (>= 3.2, < 5.0)
    formagic (0.3.0)
      bourbon (>= 3.2)
      normalize-rails (>= 3.0)
    globalid (0.3.6)
      activesupport (>= 4.1.0)
    has_scope (0.6.0)
      actionpack (>= 3.2, < 5)
      activesupport (>= 3.2, < 5)
    i18n (0.7.0)
    inherited_resources (1.6.0)
      actionpack (>= 3.2, < 5)
      has_scope (~> 0.6.0.rc)
      railties (>= 3.2, < 5)
      responders
    jquery-rails (4.0.5)
      rails-dom-testing (~> 1.0)
      railties (>= 4.2.0)
      thor (>= 0.14, < 2.0)
    json (1.8.3)
    kaminari (0.16.3)
      actionpack (>= 3.0.0)
      activesupport (>= 3.0.0)
    kgio (2.10.0)
    loofah (2.0.3)
      nokogiri (>= 1.5.9)
    mail (2.6.3)
      mime-types (>= 1.16, < 3)
    meta-tags (2.1.0)
      actionpack (>= 3.0.0)
    mime-types (2.6.2)
    mini_magick (4.3.6)
    mini_portile (0.6.2)
    minitest (5.8.2)
    mongo (2.1.2)
      bson (~> 3.0)
    mongoid (5.0.1)
      activemodel (~> 4.0)
      mongo (~> 2.1)
      origin (~> 2.1)
      tzinfo (>= 0.3.37)
    mongoid-compatibility (0.3.1)
      activesupport
      mongoid (>= 2.0)
    mongoid-grid_fs (2.2.1)
      mime-types (>= 1.0, < 3.0)
      mongoid (>= 3.0, < 6.0)
    mongoid-history (0.5.0)
      activesupport
      easy_diff
      mongoid (>= 3.0)
      mongoid-compatibility
    mongoid-slug (5.1.1)
      mongoid (>= 3.0)
      mongoid-compatibility
      stringex (~> 2.0)
    mongoid_search (0.3.2)
      fast-stemmer (~> 1.0.0)
      mongoid (>= 3.0.0)
    mongosteen (0.1.8)
      has_scope (> 0.5)
      inherited_resources (>= 1.6)
      kaminari (>= 0.16)
      mongoid (>= 4.0)
      mongoid-history (>= 0.4.5)
      mongoid_search (>= 0.3)
    multipart-post (2.0.0)
    nokogiri (1.6.6.2)
      mini_portile (~> 0.6.0)
    normalize-rails (3.0.3)
    origin (2.1.1)
    orm_adapter (0.5.0)
    quiet_assets (1.1.0)
      railties (>= 3.1, < 5.0)
    rack (1.6.4)
    rack-canonical-host (0.1.0)
      addressable
      rack (~> 1.0)
    rack-test (0.6.3)
      rack (>= 1.0)
    rack-timeout (0.3.2)
    rails (4.2.4)
      actionmailer (= 4.2.4)
      actionpack (= 4.2.4)
      actionview (= 4.2.4)
      activejob (= 4.2.4)
      activemodel (= 4.2.4)
      activerecord (= 4.2.4)
      activesupport (= 4.2.4)
      bundler (>= 1.3.0, < 2.0)
      railties (= 4.2.4)
      sprockets-rails
    rails-deprecated_sanitizer (1.0.3)
      activesupport (>= 4.2.0.alpha)
    rails-dom-testing (1.0.7)
      activesupport (>= 4.2.0.beta, < 5.0)
      nokogiri (~> 1.6.0)
      rails-deprecated_sanitizer (>= 1.0.1)
    rails-html-sanitizer (1.0.2)
      loofah (~> 2.0)
    rails_12factor (0.0.3)
      rails_serve_static_assets
      rails_stdout_logging
    rails_serve_static_assets (0.0.4)
    rails_stdout_logging (0.0.4)
    railties (4.2.4)
      actionpack (= 4.2.4)
      activesupport (= 4.2.4)
      rake (>= 0.8.7)
      thor (>= 0.18.1, < 2.0)
    raindrops (0.15.0)
    rake (10.4.2)
    recipient_interceptor (0.1.2)
      mail
    responders (2.1.0)
      railties (>= 4.2.0, < 5)
    sass (3.4.19)
    sass-rails (5.0.4)
      railties (>= 4.0.0, < 5.0)
      sass (~> 3.1)
      sprockets (>= 2.8, < 4.0)
      sprockets-rails (>= 2.0, < 4.0)
      tilt (>= 1.1, < 3)
    sax-machine (1.3.2)
    spring (1.4.0)
    sprockets (3.4.0)
      rack (> 1, < 3)
    sprockets-rails (2.3.3)
      actionpack (>= 3.0)
      activesupport (>= 3.0)
      sprockets (>= 2.8, < 4.0)
    stringex (2.5.2)
    thor (0.19.1)
    thread_safe (0.3.5)
    tilt (2.0.1)
    tzinfo (1.2.2)
      thread_safe (~> 0.1)
    uglifier (2.7.2)
      execjs (>= 0.3.0)
      json (>= 1.8.0)
    unicorn (5.0.0)
      kgio (~> 2.6)
      rack
      raindrops (~> 0.7)
    warden (1.2.3)
      rack (>= 1.0)
    web-console (2.2.1)
      activemodel (>= 4.0)
      binding_of_caller (>= 0.7.2)
      railties (>= 4.0)
      sprockets-rails (>= 2.0, < 4.0)

PLATFORMS
  ruby

DEPENDENCIES
  ants!
  awesome_print
  bson_ext
  bundler-audit
  byebug
  chr!
  coffee-rails (~> 4.1.0)
  dotenv-rails
  factory_girl_rails
  figaro
  font-awesome-rails
  journal!
  jquery-rails
  loft!
  meta-tags
  mongoid (~> 5.0)
  mongoid-autoinc!
  mongosteen
  quiet_assets
  rack-canonical-host
  rack-timeout
  rails (~> 4.2.4)
  rails_12factor
  recipient_interceptor
  rhythm!
  sass-rails (~> 5.0)
  spring
  tape!
  uglifier
  unicorn
  web-console

BUNDLED WITH
   1.10.6
